GEM
  specs:
    daemons (1.1.0)
    eventmachine (0.12.10)
    eventmachine-tail (0.5.20101005181243)
      eventmachine

PLATFORMS
  ruby

DEPENDENCIES
  daemons
  eventmachine
  eventmachine-tail
